GEM
  remote: https://rubygems.org/
  specs:
    activesupport (7.1.3)
      base64
      bigdecimal
      concurrent-ruby (~> 1.0)
      connection_pool (>= 2.2.5)
      drb
      i18n (>= 1.6, < 2)
      minitest (>= 5.1)
      mutex_m
      tzinfo (~> 2.0)
    cocoapods (1.16.2)
      activesupport (>= 5.0, < 8)
      addressable (~> 2.8)
      algoliasearch (~> 1.27)
      concurrent-ruby (~> 1.1)
      escape (~> 0.0.4)
      ffi (>= 1.15.3, < 2)
      fourflusher (>= 2.3.0, < 3)
      gh_inspector (~> 1.1)
      molinillo (~> 0.8.0)
      nap (~> 1.1)
      netrc (~> 0.11)
      ruby-macho (>= 2.3.0, < 3)
      typhoeus (~> 1.0)
      xcodeproj (>= 1.23.0, < 2.0)
    concurrent-ruby (1.3.4)
    ffi (1.17.0)
    fourflusher (2.3.1)
    gh_inspector (1.1.3)
    i18n (1.14.5)
      concurrent-ruby (~> 1.0)
    minitest (5.25.4)
    molinillo (0.8.0)
    nap (1.1.0)
    netrc (0.11.0)
    ruby-macho (2.5.1)
    typhoeus (1.4.1)
      ethon (>= 0.9.0)
    tzinfo (2.0.6)
      concurrent-ruby (~> 1.0)
    xcodeproj (1.24.0)
      CFPropertyList (>= 2.3.3, < 4)
      atomos (~> 0.1.3)
      claide (>= 1.0.2, < 2.0)
      colored2 (~> 3.1)
      nanaimo (~> 0.3.0)

PLATFORMS
  ruby

DEPENDENCIES
  cocoapods (= 1.16.2)

BUNDLED WITH
   2.5.6
